PATH
  remote: .
  specs:
    lucys_palindrome_gem (0.1.0)

GEM
  remote: https://rubygems.org/
  specs:
    ansi (1.5.0)
    builder (3.3.0)
    date (3.4.1)
    io-console (0.8.0)
    irb (1.14.3)
      rdoc (>= 4.0.0)
      reline (>= 0.4.2)
    minitest (5.25.4)
    minitest-reporters (1.7.1)
      ansi
      builder
      minitest (>= 5.0)
      ruby-progressbar
    psych (5.2.2)
      date
      stringio
    rake (13.2.1)
    rdoc (6.10.0)
      psych (>= 4.0.0)
    reline (0.6.0)
      io-console (~> 0.5)
    ruby-progressbar (1.13.0)
    stringio (3.1.2)

PLATFORMS
  arm64-darwin-24
  ruby

DEPENDENCIES
  irb
  lucys_palindrome_gem!
  minitest (~> 5.16)
  minitest-reporters (= 1.7.1)
  rake (~> 13.0)

BUNDLED WITH
   2.6.5
